PATH
  remote: .
  specs:
    ballchasing (1.0)
      json
      rstruct

GEM
  remote: https://rubygems.org/
  specs:
    json (2.3.0)
    rstruct (1.0)

PLATFORMS
  ruby

DEPENDENCIES
  ballchasing!

BUNDLED WITH
   2.1.4
